GEM
  remote: http://rubygems.org/
  specs:
    colorize (0.8.1)

PLATFORMS
  x64-mingw32

DEPENDENCIES
  colorize

BUNDLED WITH
   1.16.0
